GEM
  remote: https://rubygems.org/
  specs:
    actioncable (5.1.7)
      actionpack (= 5.1.7)
      nio4r (~> 2.0)
      websocket-driver (~> 0.6.1)
    actionmailer (5.1.7)
      actionpack (= 5.1.7)
      actionview (= 5.1.7)
      activejob (= 5.1.7)
      mail (~> 2.5, >= 2.5.4)
      rails-dom-testing (~> 2.0)
    actionpack (5.1.7)
      actionview (= 5.1.7)
      activesupport (= 5.1.7)
      rack (~> 2.0)
      rack-test (>= 0.6.3)
      rails-dom-testing (~> 2.0)
      rails-html-sanitizer (~> 1.0, >= 1.0.2)
    actionpack-action_caching (1.2.0)
      actionpack (>= 4.0.0, < 6)
    actionview (5.1.7)
      activesupport (= 5.1.7)
      builder (~> 3.1)
      erubi (~> 1.4)
      rails-dom-testing (~> 2.0)
      rails-html-sanitizer (~> 1.0, >= 1.0.3)
    activejob (5.1.7)
      activesupport (= 5.1.7)
      globalid (>= 0.3.6)
    activemodel (5.1.7)
      activesupport (= 5.1.7)
    activerecord (5.1.7)
      activemodel (= 5.1.7)
      activesupport (= 5.1.7)
      arel (~> 8.0)
    activesupport (5.1.7)
      concurrent-ruby (~> 1.0, >= 1.0.2)
      i18n (>= 0.7, < 2)
      minitest (~> 5.1)
      tzinfo (~> 1.1)
    addressable (2.4.0)
    arel (8.0.0)
    ast (2.4.0)
    autoprefixer-rails (9.5.1)
      execjs
    awesome_print (1.8.0)
    axiom-types (0.1.1)
      descendants_tracker (~> 0.0.4)
      ice_nine (~> 0.11.0)
      thread_safe (~> 0.3, >= 0.3.1)
    backports (3.13.0)
    better_errors (2.5.1)
      coderay (>= 1.0.0)
      erubi (>= 1.0.0)
      rack (>= 0.9.0)
    binding_of_caller (0.8.0)
      debug_inspector (>= 0.0.1)
    bootstrap-sass (3.4.1)
      autoprefixer-rails (>= 5.2.1)
      sassc (>= 2.0.0)
    builder (3.2.3)
    capybara (3.17.0)
      addressable
      mini_mime (>= 0.1.3)
      nokogiri (~> 1.8)
      rack (>= 1.6.0)
      rack-test (>= 0.6.3)
      regexp_parser (~> 1.2)
      xpath (~> 3.2)
    capybara-screenshot (1.0.22)
      capybara (>= 1.0, < 4)
      launchy
    childprocess (0.9.0)
      ffi (~> 1.0, >= 1.0.11)
    codeclimate-engine-rb (0.4.1)
      virtus (~> 1.0)
    coderay (1.1.2)
    coercible (1.0.0)
      descendants_tracker (~> 0.0.1)
    coffee-rails (4.2.2)
      coffee-script (>= 2.2.0)
      railties (>= 4.0.0)
    coffee-script (2.4.1)
      coffee-script-source
      execjs
    coffee-script-source (1.12.2)
    concurrent-ruby (1.1.5)
    crass (1.0.4)
    cucumber (3.1.2)
      builder (>= 2.1.2)
      cucumber-core (~> 3.2.0)
      cucumber-expressions (~> 6.0.1)
      cucumber-wire (~> 0.0.1)
      diff-lcs (~> 1.3)
      gherkin (~> 5.1.0)
      multi_json (>= 1.7.5, < 2.0)
      multi_test (>= 0.1.2)
    cucumber-core (3.2.1)
      backports (>= 3.8.0)
      cucumber-tag_expressions (~> 1.1.0)
      gherkin (~> 5.0)
    cucumber-expressions (6.0.1)
    cucumber-rails (1.7.0)
      capybara (>= 2.3.0, < 4)
      cucumber (>= 3.0.2, < 4)
      mime-types (>= 1.17, < 4)
      nokogiri (~> 1.8)
      railties (>= 4.2, < 7)
    cucumber-tag_expressions (1.1.1)
    cucumber-wire (0.0.1)
    cvss (0.99.0)
    dalli (2.7.10)
    database_cleaner (1.7.0)
    dawnscanner (1.6.9)
      cvss
      haml
      justify
      logger-colors
      ptools
      ruby_parser
      sqlite3
      sys-uname
      terminal-table
    debug_inspector (0.0.3)
    descendants_tracker (0.0.4)
      thread_safe (~> 0.3, >= 0.3.1)
    diff-lcs (1.3)
    docile (1.3.1)
    domain_name (0.5.20180417)
      unf (>= 0.0.5, < 1.0.0)
    dotenv (2.7.2)
    dotenv-rails (2.7.2)
      dotenv (= 2.7.2)
      railties (>= 3.2, < 6.1)
    em-websocket (0.5.1)
      eventmachine (>= 0.12.9)
      http_parser.rb (~> 0.6.0)
    email_spec (2.2.0)
      htmlentities (~> 4.3.3)
      launchy (~> 2.1)
      mail (~> 2.7)
    equalizer (0.0.11)
    erubi (1.8.0)
    erubis (2.7.0)
    ethon (0.12.0)
      ffi (>= 1.3.0)
    eventmachine (1.2.7)
    execjs (2.7.0)
    factory_bot (5.0.2)
      activesupport (>= 4.2.0)
    factory_bot_rails (5.0.2)
      factory_bot (~> 5.0.2)
      railties (>= 4.2.0)
    faraday (0.15.4)
      multipart-post (>= 1.2, < 3)
    faraday_middleware (0.13.1)
      faraday (>= 0.7.4, < 1.0)
    ffi (1.10.0)
    flay (2.12.0)
      erubis (~> 2.7.0)
      path_expander (~> 1.0)
      ruby_parser (~> 3.0)
      sexp_processor (~> 4.0)
    flog (4.6.2)
      path_expander (~> 1.0)
      ruby_parser (~> 3.1, > 3.1.0)
      sexp_processor (~> 4.8)
    formatador (0.2.5)
    gh (0.15.1)
      addressable (~> 2.4.0)
      backports
      faraday (~> 0.8)
      multi_json (~> 1.0)
      net-http-persistent (~> 2.9)
      net-http-pipeline
    gherkin (5.1.0)
    globalid (0.4.2)
      activesupport (>= 4.2.0)
    guard (2.15.0)
      formatador (>= 0.2.4)
      listen (>= 2.7, < 4.0)
      lumberjack (>= 1.0.12, < 2.0)
      nenv (~> 0.1)
      notiffany (~> 0.0)
      pry (>= 0.9.12)
      shellany (~> 0.0)
      thor (>= 0.18.1)
    guard-compat (1.2.1)
    guard-livereload (2.5.2)
      em-websocket (~> 0.5)
      guard (~> 2.8)
      guard-compat (~> 1.0)
      multi_json (~> 1.8)
    haml (4.1.0.beta.1)
      tilt
    haml-rails (2.0.0)
      actionpack (>= 5.1)
      activesupport (>= 5.1)
      haml (>= 4.0.6, < 6.0)
      html2haml (>= 1.0.1)
      railties (>= 5.1)
    hashie (3.6.0)
    hassle3 (0.0.2)
      haml
      rack
    highline (1.7.10)
    html2haml (2.2.0)
      erubis (~> 2.7.0)
      haml (>= 4.0, < 6)
      nokogiri (>= 1.6.0)
      ruby_parser (~> 3.5)
    htmlentities (4.3.4)
    http-cookie (1.0.3)
      domain_name (~> 0.5)
    http_parser.rb (0.6.0)
    i18n (1.6.0)
      concurrent-ruby (~> 1.0)
    ice_nine (0.11.2)
    iniparse (1.4.4)
    jbuilder (2.8.0)
      activesupport (>= 4.2.0)
      multi_json (>= 1.2)
    jquery-rails (4.3.3)
      rails-dom-testing (>= 1, < 3)
      railties (>= 4.2.0)
      thor (>= 0.14, < 2.0)
    json (2.2.0)
    justify (1.0.2)
    jwt (2.1.0)
    kgio (2.11.2)
    kwalify (0.7.2)
    launchy (2.4.3)
      addressable (~> 2.3)
    letter_opener (1.7.0)
      launchy (~> 2.2)
    libv8 (6.7.288.46.1)
    listen (3.1.5)
      rb-fsevent (~> 0.9, >= 0.9.4)
      rb-inotify (~> 0.9, >= 0.9.7)
      ruby_dep (~> 1.2)
    logger-colors (1.0.0)
    loofah (2.2.3)
      crass (~> 1.0.2)
      nokogiri (>= 1.5.9)
    lumberjack (1.0.13)
    mail (2.7.1)
      mini_mime (>= 0.1.1)
    memcachier (0.0.2)
    method_source (0.9.2)
    mime-types (3.2.2)
      mime-types-data (~> 3.2015)
    mime-types-data (3.2019.0331)
    mini_mime (1.0.1)
    mini_portile2 (2.4.0)
    mini_racer (0.2.4)
      libv8 (>= 6.3)
    minitest (5.11.3)
    multi_json (1.13.1)
    multi_test (0.1.2)
    multi_xml (0.6.0)
    multipart-post (2.0.0)
    nenv (0.3.0)
    net-http-persistent (2.9.4)
    net-http-pipeline (1.0.1)
    netrc (0.11.0)
    nio4r (2.3.1)
    nokogiri (1.10.2)
      mini_portile2 (~> 2.4.0)
    notiffany (0.1.1)
      nenv (~> 0.1)
      shellany (~> 0.0)
    oauth2 (1.4.1)
      faraday (>= 0.8, < 0.16.0)
      jwt (>= 1.0, < 3.0)
      multi_json (~> 1.3)
      multi_xml (~> 0.5)
      rack (>= 1.2, < 3)
    octokit (4.14.0)
      sawyer (~> 0.8.0, >= 0.5.3)
    omniauth (1.9.0)
      hashie (>= 3.4.6, < 3.7.0)
      rack (>= 1.6.2, < 3)
    omniauth-github (1.3.0)
      omniauth (~> 1.5)
      omniauth-oauth2 (>= 1.4.0, < 2.0)
    omniauth-oauth2 (1.6.0)
      oauth2 (~> 1.1)
      omniauth (~> 1.9)
    overcommit (0.47.0)
      childprocess (~> 0.6, >= 0.6.3)
      iniparse (~> 1.4)
    parser (2.6.2.1)
      ast (~> 2.4.0)
    path_expander (1.0.3)
    pg (1.1.4)
    pry (0.12.2)
      coderay (~> 1.1.0)
      method_source (~> 0.9.0)
    psych (3.1.0)
    ptools (1.3.5)
    pusher-client (0.6.2)
      json
      websocket (~> 1.0)
    rack (2.0.7)
    rack-livereload (0.3.17)
      rack
    rack-test (1.1.0)
      rack (>= 1.0, < 3)
    rails (5.1.7)
      actioncable (= 5.1.7)
      actionmailer (= 5.1.7)
      actionpack (= 5.1.7)
      actionview (= 5.1.7)
      activejob (= 5.1.7)
      activemodel (= 5.1.7)
      activerecord (= 5.1.7)
      activesupport (= 5.1.7)
      bundler (>= 1.3.0)
      railties (= 5.1.7)
      sprockets-rails (>= 2.0.0)
    rails-dom-testing (2.0.3)
      activesupport (>= 4.2.0)
      nokogiri (>= 1.6)
    rails-footnotes (4.1.8)
      rails (>= 3.2)
    rails-html-sanitizer (1.0.4)
      loofah (~> 2.2, >= 2.2.2)
    rails4_upgrade (0.5.0)
      bundler (>= 1.2.2)
      terminal-table (>= 1.4.5)
    rails_12factor (0.0.3)
      rails_serve_static_assets
      rails_stdout_logging
    rails_serve_static_assets (0.0.5)
    rails_stdout_logging (0.0.5)
    railties (5.1.7)
      actionpack (= 5.1.7)
      activesupport (= 5.1.7)
      method_source
      rake (>= 0.8.7)
      thor (>= 0.18.1, < 2.0)
    rainbow (3.0.0)
    raindrops (0.19.0)
    rake (12.3.2)
    rb-fsevent (0.10.3)
    rb-inotify (0.10.0)
      ffi (~> 1.0)
    reek (5.3.2)
      codeclimate-engine-rb (~> 0.4.0)
      kwalify (~> 0.7.0)
      parser (>= 2.5.0.0, < 2.7, != 2.5.1.1)
      psych (~> 3.1.0)
      rainbow (>= 2.0, < 4.0)
    regexp_parser (1.4.0)
    rest-client (2.0.2)
      http-cookie (>= 1.0.2, < 2.0)
      mime-types (>= 1.16, < 4.0)
      netrc (~> 0.8)
    rspec-core (3.8.0)
      rspec-support (~> 3.8.0)
    rspec-expectations (3.8.3)
      diff-lcs (>= 1.2.0, < 2.0)
      rspec-support (~> 3.8.0)
    rspec-mocks (3.8.0)
      diff-lcs (>= 1.2.0, < 2.0)
      rspec-support (~> 3.8.0)
    rspec-rails (3.8.2)
      actionpack (>= 3.0)
      activesupport (>= 3.0)
      railties (>= 3.0)
      rspec-core (~> 3.8.0)
      rspec-expectations (~> 3.8.0)
      rspec-mocks (~> 3.8.0)
      rspec-support (~> 3.8.0)
    rspec-support (3.8.0)
    ruby_dep (1.5.0)
    ruby_gntp (0.3.4)
    ruby_parser (3.13.1)
      sexp_processor (~> 4.9)
    rubycritic (4.0.2)
      flay (~> 2.8)
      flog (~> 4.4)
      launchy (= 2.4.3)
      parser (~> 2.6.0)
      rainbow (~> 3.0)
      reek (~> 5.3.0)
      ruby_parser (~> 3.8)
      tty-which (~> 0.4.0)
      virtus (~> 1.0)
    sass (3.7.4)
      sass-listen (~> 4.0.0)
    sass-listen (4.0.0)
      rb-fsevent (~> 0.9, >= 0.9.4)
      rb-inotify (~> 0.9, >= 0.9.7)
    sass-rails (5.0.7)
      railties (>= 4.0.0, < 6)
      sass (~> 3.1)
      sprockets (>= 2.8, < 4.0)
      sprockets-rails (>= 2.0, < 4.0)
      tilt (>= 1.1, < 3)
    sassc (2.0.1)
      ffi (~> 1.9)
      rake
    sawyer (0.8.1)
      addressable (>= 2.3.5, < 2.6)
      faraday (~> 0.8, < 1.0)
    sexp_processor (4.12.0)
    shellany (0.0.1)
    simple_form (4.1.0)
      actionpack (>= 5.0)
      activemodel (>= 5.0)
    simplecov (0.16.1)
      docile (~> 1.1)
      json (>= 1.8, < 3)
      simplecov-html (~> 0.10.0)
    simplecov-html (0.10.2)
    simplecov-json (0.2)
      json
      simplecov
    sprockets (3.7.2)
      concurrent-ruby (~> 1.0)
      rack (> 1, < 3)
    sprockets-rails (3.2.1)
      actionpack (>= 4.0)
      activesupport (>= 4.0)
      sprockets (>= 3.0.0)
    sqlite3 (1.3.13)
    sys-uname (1.0.4)
      ffi (>= 1.0.0)
    terminal-table (1.8.0)
      unicode-display_width (~> 1.1, >= 1.1.1)
    thor (0.20.3)
    thread_safe (0.3.6)
    tilt (2.0.9)
    travis (1.8.9)
      backports
      faraday (~> 0.9)
      faraday_middleware (~> 0.9, >= 0.9.1)
      gh (~> 0.13)
      highline (~> 1.6)
      launchy (~> 2.1)
      pusher-client (~> 0.4)
      typhoeus (~> 0.6, >= 0.6.8)
    tty-which (0.4.0)
    turbolinks (5.2.0)
      turbolinks-source (~> 5.2)
    turbolinks-source (5.2.0)
    typhoeus (0.8.0)
      ethon (>= 0.8.0)
    tzinfo (1.2.5)
      thread_safe (~> 0.1)
    uglifier (4.1.20)
      execjs (>= 0.3.0, < 3)
    unf (0.1.4)
      unf_ext
    unf_ext (0.0.7.6)
    unicode-display_width (1.5.0)
    unicorn (5.5.0)
      kgio (~> 2.6)
      raindrops (~> 0.7)
    virtus (1.0.5)
      axiom-types (~> 0.1)
      coercible (~> 1.0)
      descendants_tracker (~> 0.0, >= 0.0.3)
      equalizer (~> 0.0, >= 0.0.9)
    websocket (1.2.8)
    websocket-driver (0.6.5)
      websocket-extensions (>= 0.1.0)
    websocket-extensions (0.1.3)
    xpath (3.2.0)
      nokogiri (~> 1.8)
    yt (0.32.3)
      activesupport
      yt-support (>= 0.1)
    yt-support (0.1.3)
    zonebie (0.6.1)

PLATFORMS
  ruby

DEPENDENCIES
  actionpack-action_caching
  awesome_print
  backports
  better_errors
  binding_of_caller
  bootstrap-sass
  capybara
  capybara-screenshot
  coffee-rails
  cucumber
  cucumber-rails
  dalli
  database_cleaner
  dawnscanner
  dotenv-rails
  email_spec
  execjs
  factory_bot_rails
  guard
  guard-livereload
  haml (= 4.1.0.beta.1)
  haml-rails
  hassle3
  html2haml
  jbuilder
  jquery-rails
  kgio
  launchy
  letter_opener
  memcachier
  mini_racer
  octokit
  omniauth
  omniauth-github
  overcommit
  pg
  rack-livereload
  rails (= 5.1.7)
  rails-footnotes
  rails4_upgrade
  rails_12factor
  rb-fsevent
  rb-inotify
  rest-client
  rspec-rails
  ruby_gntp
  rubycritic
  sass-rails
  simple_form
  simplecov
  simplecov-json
  sqlite3 (= 1.3.13)
  travis
  turbolinks
  tzinfo
  uglifier
  unicorn
  yt
  zonebie

RUBY VERSION
   ruby 2.6.3p62

BUNDLED WITH
   1.17.2
